GEM
  remote: http://rubygems.org/
  specs:
    ZenTest (4.4.0)
    activeresource (2.3.3)
      activesupport (= 2.3.3)
    activesupport (2.3.3)
    autotest-fsevent (0.2.3)
      sys-uname
    autotest-growl (0.2.5)
    builder (2.1.2)
    cucumber (0.8.5)
      builder (~> 2.1.2)
      diff-lcs (~> 1.1.2)
      gherkin (~> 2.1.4)
      json_pure (~> 1.4.3)
      term-ansicolor (~> 1.0.4)
    diff-lcs (1.1.2)
    gemcutter (0.6.1)
    gherkin (2.1.5)
      trollop (~> 1.16.2)
    git (1.2.5)
    jeweler (1.4.0)
      gemcutter (>= 0.1.0)
      git (>= 1.2.5)
      rubyforge (>= 2.0.0)
    json_pure (1.4.6)
    rake (0.8.7)
    redgreen (1.2.2)
    rspec (1.3.0)
    rubyforge (2.0.4)
      json_pure (>= 1.1.7)
    sys-uname (0.8.4)
    term-ansicolor (1.0.5)
    trollop (1.16.2)

PLATFORMS
  ruby

DEPENDENCIES
  ZenTest
  activeresource (= 2.3.3)
  autotest-fsevent
  autotest-growl
  cucumber
  jeweler
  rake
  redgreen
  rspec
